GEM
  remote: http://rubygems.org/
  specs:
    git (1.2.5)
    jeweler (1.8.4)
      bundler (~> 1.0)
      git (>= 1.2.5)
      rake
      rdoc
    jruby-pageant (1.1.1)
    json (1.7.5)
    macaddr (1.6.1)
      systemu (~> 2.5.0)
    metaclass (0.0.1)
    minitest (4.1.0)
    mocha (0.12.7)
      metaclass (~> 0.0.1)
    multi_json (1.3.6)
    net-ssh (2.6.0)
      jruby-pageant (>= 1.1.1)
    posix-spawn (0.3.6)
    rake (0.9.2.2)
    rdoc (3.12)
      json (~> 1.4)
    redcarpet (3.5.1)
    simplecov (0.7.1)
      multi_json (~> 1.0)
      simplecov-html (~> 0.7.1)
    simplecov-html (0.7.1)
    systemu (2.5.2)
    uuid (2.3.5)
      macaddr (~> 1.0)
    yard (0.8.3)

PLATFORMS
  ruby

DEPENDENCIES
  bundler (>= 1.2.0)
  jeweler (>= 1.8.4)
  minitest (>= 3.4.0)
  mocha (>= 0.12.4)
  net-ssh (>= 2.5.2)
  posix-spawn (>= 0.3.6)
  redcarpet (>= 2.1.1)
  simplecov (>= 0.6.4)
  uuid (>= 2.3.5)
  yard (>= 0.8.2)
